GEM
  remote: http://rubygems.org/
  specs:
    activesupport (3.2.3)
      i18n (~> 0.6)
      multi_json (~> 1.0)
    colored (1.2)
    daemons (1.1.8)
    eventmachine (0.12.10)
    faraday (0.8.0)
      multipart-post (~> 1.1)
    foreman (0.46.0)
      thor (>= 0.13.6)
    http_parser.rb (0.5.3)
    i18n (0.6.0)
    multi_json (1.3.4)
    multipart-post (1.1.5)
    oj (1.2.8)
    simple_oauth (0.1.7)
    thor (0.15.0)
    tweetstream (1.1.5)
      daemons (~> 1.1)
      multi_json (~> 1.3)
      twitter-stream (>= 0.1.14, < 1)
    twitter (2.2.6)
      activesupport (>= 2.3.9, < 4)
      faraday (~> 0.8)
      multi_json (~> 1.3)
      simple_oauth (~> 0.1.6)
    twitter-stream (0.1.15)
      eventmachine (>= 0.12.8)
      http_parser.rb (~> 0.5.1)
      simple_oauth (~> 0.1.4)

PLATFORMS
  ruby

DEPENDENCIES
  colored
  foreman
  oj
  tweetstream
  twitter
